{"Modality": "MR", "MagneticFieldStrength": 6.98, "Manufacturer": "Siemens", "ManufacturersModelName": "Investigational_Device_7T", "InstitutionName": "University_of_Melbourne_-_Brain_Institute", "InstitutionalDepartmentName": "MRI", "InstitutionAddress": "Royal_Parade_30_Parkville_Victoria_AU_3052", "DeviceSerialNumber": "18978", "StationName": "MRC18978", "PatientPosition": "HFS", "ProcedureStepDescription": "MBCIU_PROTOCOLS_7T-2017-_005_Complexity", "SoftwareVersions": "syngo_MR_B17", "MRAcquisitionType": "2D", "SeriesDescription": "TASK3_1p6iso_cmrr", "ProtocolName": "TASK3_1p6iso_cmrr", "ScanningSequence": "EP", "SequenceVariant": "SK_SS", "ScanOptions": "PFP_FS", "SequenceName": "epfid2d1_130", "ImageType": ["ORIGINAL", "PRIMARY", "M", "MB", "ND", "MOSAIC"], "SeriesNumber": 10, "AcquisitionTime": "10:36:22.670000", "AcquisitionNumber": 1, "ImageComments": "Unaliased_MB6_PE4", "SliceThickness": 1.6, "SpacingBetweenSlices": 1.6, "SAR": 0.0992914, "EchoTime": 0.0222, "RepetitionTime": 0.8, "FlipAngle": 45, "PartialFourier": 0.875, "BaseResolution": 130, "ShimSetting": [49, -177, 723, 1084, -162, -744, 148, -153], "TxRefAmp": 205, "PhaseResolution": 1, "ReceiveCoilName": "32Ch_Head_7T", "PulseSequenceDetails": "%CustomerSeq%_cmrr_mbep2d_bold", "MultibandAccelerationFactor": 6, "PercentPhaseFOV": 100, "PhaseEncodingSteps": 114, "AcquisitionMatrixPE": 130, "ReconMatrixPE": 130, "BandwidthPerPixelPhaseEncode": 24.038, "ParallelReductionFactorInPlane": 2, "EffectiveEchoSpacing": 0.000320006, "DerivedVendorReportedEchoSpacing": 0.000640012, "TotalReadoutTime": 0.0412808, "PixelBandwidth": 1923, "DwellTime": 2e-06, "PhaseEncodingDirection": "j-", "SliceTiming": [0, 0.1725, 0.3425, 0.515, 0.6875, 0.0575, 0.23, 0.4, 0.5725, 0.745, 0.115, 0.2875, 0.4575, 0.63, 0, 0.1725, 0.3425, 0.515, 0.6875, 0.0575, 0.23, 0.4, 0.5725, 0.745, 0.115, 0.2875, 0.4575, 0.63, 0, 0.1725, 0.3425, 0.515, 0.6875, 0.0575, 0.23, 0.4, 0.5725, 0.745, 0.115, 0.2875, 0.4575, 0.63, 0, 0.1725, 0.3425, 0.515, 0.6875, 0.0575, 0.23, 0.4, 0.5725, 0.745, 0.115, 0.2875, 0.4575, 0.63, 0, 0.1725, 0.3425, 0.515, 0.6875, 0.0575, 0.23, 0.4, 0.5725, 0.745, 0.115, 0.2875, 0.4575, 0.63, 0, 0.1725, 0.3425, 0.515, 0.6875, 0.0575, 0.23, 0.4, 0.5725, 0.745, 0.115, 0.2875, 0.4575, 0.63], "ImageOrientationPatientDICOM": [0.999877, 0.00120163, 0.0156149, 1.77262e-08, 0.997052, -0.0767284], "InPlanePhaseEncodingDirectionDICOM": "COL", "ConversionSoftware": "dcm2niix", "ConversionSoftwareVersion": "v1.0.20180614 GCC5.4.0", "TaskName": "ksdp"}