{"Modality": "MR", "MagneticFieldStrength": 6.98, "Manufacturer": "Siemens", "ManufacturersModelName": "Investigational_Device_7T", "InstitutionName": "MBCIU", "InstitutionalDepartmentName": "MRI", "InstitutionAddress": "Royal_Parade_30_Parkville_Victoria_AU_3052", "DeviceSerialNumber": "18978", "StationName": "MRC18978", "PatientPosition": "HFS", "ProcedureStepDescription": "MBCIU_PROTOCOLS_7T-2017.005_Complexity", "SoftwareVersions": "syngo_MR_B17", "MRAcquisitionType": "2D", "SeriesDescription": "TASK6_1p6iso_cmrr", "ProtocolName": "TASK6_1p6iso_cmrr", "ScanningSequence": "EP", "SequenceVariant": "SK_SS", "ScanOptions": "PFP_FS", "SequenceName": "epfid2d1_130", "ImageType": ["ORIGINAL", "PRIMARY", "M", "MB", "ND", "MOSAIC"], "SeriesNumber": 23, "AcquisitionTime": "15:20:6.297500", "AcquisitionNumber": 1, "ImageComments": "Unaliased_MB6_PE4", "SliceThickness": 1.6, "SpacingBetweenSlices": 1.6, "SAR": 0.0908897, "EchoTime": 0.0222, "RepetitionTime": 0.8, "FlipAngle": 45, "PartialFourier": 0.875, "BaseResolution": 130, "ShimSetting": [64, 28, 841, 956, -183, -184, 81, -63], "TxRefAmp": 230, "PhaseResolution": 1, "ReceiveCoilName": "32Ch_Head_7T", "PulseSequenceDetails": "%CustomerSeq%_cmrr_mbep2d_bold", "MultibandAccelerationFactor": 6, "PercentPhaseFOV": 100, "PhaseEncodingSteps": 114, "AcquisitionMatrixPE": 130, "ReconMatrixPE": 130, "BandwidthPerPixelPhaseEncode": 24.038, "ParallelReductionFactorInPlane": 2, "EffectiveEchoSpacing": 0.000320006, "DerivedVendorReportedEchoSpacing": 0.000640012, "TotalReadoutTime": 0.0412808, "PixelBandwidth": 1923, "DwellTime": 2e-06, "PhaseEncodingDirection": "j-", "SliceTiming": [0, 0.17, 0.3425, 0.515, 0.6875, 0.0575, 0.2275, 0.4, 0.5725, 0.745, 0.115, 0.285, 0.4575, 0.63, 0, 0.17, 0.3425, 0.515, 0.6875, 0.0575, 0.2275, 0.4, 0.5725, 0.745, 0.115, 0.285, 0.4575, 0.63, 0, 0.17, 0.3425, 0.515, 0.6875, 0.0575, 0.2275, 0.4, 0.5725, 0.745, 0.115, 0.285, 0.4575, 0.63, 0, 0.17, 0.3425, 0.515, 0.6875, 0.0575, 0.2275, 0.4, 0.5725, 0.745, 0.115, 0.285, 0.4575, 0.63, 0, 0.17, 0.3425, 0.515, 0.6875, 0.0575, 0.2275, 0.4, 0.5725, 0.745, 0.115, 0.285, 0.4575, 0.63, 0, 0.17, 0.3425, 0.515, 0.6875, 0.0575, 0.2275, 0.4, 0.5725, 0.745, 0.115, 0.285, 0.4575, 0.63], "ImageOrientationPatientDICOM": [0.999747, 0.0030131, 0.0222799, 3.82235e-08, 0.990979, -0.13402], "InPlanePhaseEncodingDirectionDICOM": "COL", "ConversionSoftware": "dcm2niix", "ConversionSoftwareVersion": "v1.0.20180614 GCC5.4.0", "TaskName": "ksdp"}